GEM
  remote: https://rubygems.org/
  specs:
    addressable (2.8.7)
      public_suffix (>= 2.0.2, < 7.0)
    ast (2.4.2)
    bigdecimal (3.1.9)
    diff-lcs (1.5.1)
    event_stream_parser (1.0.0)
    faraday (2.9.1)
      faraday-net_http (>= 2.0, < 3.2)
    faraday-multipart (1.0.4)
      multipart-post (~> 2)
    faraday-net_http (3.1.0)
      net-http
    json (2.10.1)
    json-schema (5.1.1)
      addressable (~> 2.8)
      bigdecimal (~> 3.1)
    language_server-protocol (3.17.0.4)
    lint_roller (1.1.0)
    multipart-post (2.4.1)
    net-http (0.4.1)
      uri
    parallel (1.26.3)
    parser (3.3.7.1)
      ast (~> 2.4.1)
      racc
    pastel (0.8.0)
      tty-color (~> 0.5)
    public_suffix (6.0.1)
    racc (1.8.1)
    rainbow (3.1.1)
    regexp_parser (2.10.0)
    rspec (3.13.0)
      rspec-core (~> 3.13.0)
      rspec-expectations (~> 3.13.0)
      rspec-mocks (~> 3.13.0)
    rspec-core (3.13.0)
      rspec-support (~> 3.13.0)
    rspec-expectations (3.13.0)
      diff-lcs (>= 1.2.0, < 2.0)
      rspec-support (~> 3.13.0)
    rspec-mocks (3.13.0)
      diff-lcs (>= 1.2.0, < 2.0)
      rspec-support (~> 3.13.0)
    rspec-support (3.13.0)
    rubocop (1.72.2)
      json (~> 2.3)
      language_server-protocol (~> 3.17.0.2)
      lint_roller (~> 1.1.0)
      parallel (~> 1.10)
      parser (>= 3.3.0.2)
      rainbow (>= 2.2.2, < 4.0)
      regexp_parser (>= 2.9.3, < 3.0)
      rubocop-ast (>= 1.38.0, < 2.0)
      ruby-progressbar (~> 1.7)
      unicode-display_width (>= 2.4.0, < 4.0)
    rubocop-ast (1.38.0)
      parser (>= 3.3.1.0)
    rubocop-rspec (3.0.5)
      rubocop (~> 1.61)
    ruby-openai (7.1.0)
      event_stream_parser (>= 0.3.0, < 2.0.0)
      faraday (>= 1)
      faraday-multipart (>= 1)
    ruby-progressbar (1.13.0)
    tiktoken_ruby (0.0.9-arm64-darwin)
    tiktoken_ruby (0.0.9-x86_64-darwin)
    tiktoken_ruby (0.0.9-x86_64-linux)
    tty-color (0.6.0)
    tty-cursor (0.7.1)
    tty-option (0.3.0)
    tty-prompt (0.23.1)
      pastel (~> 0.8)
      tty-reader (~> 0.8)
    tty-reader (0.9.0)
      tty-cursor (~> 0.7)
      tty-screen (~> 0.8)
      wisper (~> 2.0)
    tty-screen (0.8.1)
    unicode-display_width (3.1.4)
      unicode-emoji (~> 4.0, >= 4.0.4)
    unicode-emoji (4.0.4)
    uri (0.13.0)
    wisper (2.0.1)

PLATFORMS
  arm64-darwin-20
  x86_64-darwin-22
  x86_64-linux

DEPENDENCIES
  json-schema
  rspec (~> 3.13)
  rubocop
  rubocop-rspec (~> 3.0)
  ruby-openai
  tiktoken_ruby (~> 0.0.9)
  tty-option
  tty-prompt

BUNDLED WITH
   2.3.26
